GEM
  remote: https://rubygems.org/
  specs:
    coderay (1.1.3)
    eventmachine (1.2.7)
    google-protobuf (3.15.8-universal-darwin)
    method_source (1.0.0)
    nats (0.11.0)
      eventmachine (~> 1.2, >= 1.2)
    nats-pure (0.6.2)
    nats-streaming (0.2.2)
      google-protobuf (~> 3)
      nats-pure (~> 0)
    pry (0.14.1)
      coderay (~> 1.1)
      method_source (~> 1.0)

PLATFORMS
  x86_64-darwin-19

DEPENDENCIES
  nats
  nats-streaming
  pry

BUNDLED WITH
   2.2.10
